GEM
  remote: http://rubygems.org/
  specs:
    actionmailer (2.3.18)
      actionpack (= 2.3.18)
    actionpack (2.3.18)
      activesupport (= 2.3.18)
      rack (~> 1.1.0)
    activerecord (2.3.18)
      activesupport (= 2.3.18)
    activeresource (2.3.18)
      activesupport (= 2.3.18)
    activesupport (2.3.18)
    authlogic (2.1.3)
      activesupport
    aws-s3-instructure (0.6.2.1352914936)
      builder
      mime-types
      xml-simple
    bcrypt-ruby (3.0.1)
    bluecloth (2.0.10)
    builder (2.1.2)
    capistrano (2.12.0)
      highline
      net-scp (>= 1.0.0)
      net-sftp (>= 2.0.0)
      net-ssh (>= 2.0.14)
      net-ssh-gateway (>= 1.1.0)
    childprocess (0.3.9)
      ffi (~> 1.0, >= 1.0.11)
    chronic (0.9.1)
    chunky_png (1.2.8)
    closure-compiler (1.1.8)
    coderay (1.0.9)
    coffee-script (2.2.0)
      coffee-script-source
      execjs
    coffee-script-source (1.1.2)
    columnize (0.3.6)
    compass (0.11.5)
      chunky_png (~> 1.2)
      fssm (>= 0.2.7)
      sass (~> 3.1)
    daemons (1.1.0)
    diff-lcs (1.1.2)
    erubis (2.7.0)
    excon (0.20.1)
    execjs (1.4.0)
      multi_json (~> 1.0)
    fastercsv (1.5.3)
    ffi (1.0.11)
    fog (1.10.1)
      builder
      excon (~> 0.20)
      formatador (~> 0.2.0)
      mime-types
      multi_json (~> 1.0)
      net-scp (~> 1.1)
      net-ssh (>= 2.1.3)
      nokogiri (~> 1.5.0)
      ruby-hmac
    formatador (0.2.4)
    fssm (0.2.10)
    guard (1.8.0)
      formatador (>= 0.2.4)
      listen (>= 1.0.0)
      lumberjack (>= 1.0.2)
      pry (>= 0.9.10)
      thor (>= 0.14.6)
    hairtrigger (0.1.13)
      activerecord (>= 2.3.0)
      activerecord (>= 2.3.0)
      ruby2ruby (= 1.2.5)
      ruby_parser (= 2.0.6)
    haml (3.1.2)
    hashery (1.3.0)
    highline (1.6.1)
    hpricot (0.8.2)
    httpclient (2.3.3)
    i18n (0.6.0)
    icalendar (1.1.5)
    jammit (0.6.0)
      closure-compiler (>= 0.1.0)
      yui-compressor (>= 0.9.1)
    json (1.5.2)
    kgio (2.8.0)
    libxml-ruby (1.1.3)
    linecache (0.46)
      rbx-require-relative (> 0.0.4)
    listen (1.0.2)
      rb-fsevent (>= 0.9.3)
      rb-inotify (>= 0.9)
      rb-kqueue (>= 0.2)
    lumberjack (1.0.3)
    macaddr (1.0.0)
    mail (2.5.3)
      i18n (>= 0.4.0)
      mime-types (~> 1.16)
      treetop (~> 1.4.8)
    maildir (2.1.0)
    mailman (0.4.0)
      activesupport (>= 2.3.4)
      fssm (>= 0.1.4)
      i18n (>= 0.4.1)
      mail (>= 2.0.3)
      maildir (>= 0.5.0)
    metaclass (0.0.1)
    method_source (0.8.1)
    mime-types (1.16)
    mini_magick (1.3.2)
      subexec (~> 0.0.4)
    mocha (0.10.0)
      metaclass (~> 0.0.1)
    multi_json (1.0.4)
    mysql (2.9.1)
    net-scp (1.1.0)
      net-ssh (>= 2.6.5)
    net-sftp (2.1.1)
      net-ssh (>= 2.6.5)
    net-ssh (2.6.7)
    net-ssh-gateway (1.2.0)
      net-ssh (>= 2.6.5)
    netaddr (1.5.0)
    newrelic_rpm (3.6.1.87)
    nokogiri (1.5.0)
    oauth (0.4.5)
    parallel (0.5.16)
    parallel_tests-instructure (0.6.19)
      parallel
    polyglot (0.3.3)
    pry (0.9.12.1)
      coderay (~> 1.0.5)
      method_source (~> 0.8)
      slop (~> 3.4)
    rack (1.1.6)
    rack-test (0.6.2)
      rack (>= 1.0)
    rails (2.3.18)
      actionmailer (= 2.3.18)
      actionpack (= 2.3.18)
      activerecord (= 2.3.18)
      activeresource (= 2.3.18)
      activesupport (= 2.3.18)
      rake (>= 0.8.3)
    raindrops (0.11.0)
    rake (0.9.6)
    ratom-instructure (0.6.9)
      libxml-ruby (>= 1.1.2)
    rb-fsevent (0.9.3)
    rb-inotify (0.9.0)
      ffi (>= 0.5.0)
    rb-kqueue (0.2.0)
      ffi (>= 0.5.0)
    rbx-require-relative (0.0.5)
    rcov (0.9.9)
    rdiscount (1.6.8)
    recaptcha (0.3.1)
    redis (2.2.2)
    redis-store (1.0.0.rc1)
      redis (~> 2.2.0)
    require_relative (1.0.1)
    ritex (1.0.1)
    rscribd (1.2.0)
      mime-types
    rspec (1.3.2)
    rspec-rails (1.3.4)
      rack (>= 1.0.0)
      rspec (~> 1.3.1)
    ruby-debug (0.10.4)
      columnize (>= 0.1)
      ruby-debug-base (~> 0.10.4.0)
    ruby-debug-base (0.10.4)
      linecache (>= 0.3)
    ruby-hmac (0.4.0)
    ruby-net-ldap (0.0.4)
    ruby-saml-mod (0.1.8)
    ruby2ruby (1.2.5)
      ruby_parser (~> 2.0)
      sexp_processor (~> 3.0)
    ruby_parser (2.0.6)
      sexp_processor (~> 3.0)
    rubycas-client (2.2.1)
      activesupport
    rubyzip (0.9.4)
    rufus-scheduler (2.0.6)
    sanitize (2.0.3)
      nokogiri (>= 1.4.4, < 1.6)
    sass (3.2.8)
    selenium-webdriver (2.19.0)
      childprocess (>= 0.2.5)
      ffi (~> 1.0.9)
      multi_json (~> 1.0.4)
      rubyzip
    sexp_processor (3.0.5)
    slop (3.4.4)
    soap4r (1.5.8)
      httpclient (>= 2.1.1)
    soap4r-middleware (0.8.2)
      soap4r (~> 1.5)
    subexec (0.0.4)
    thor (0.18.1)
    treetop (1.4.12)
      polyglot
      polyglot (>= 0.3.1)
    unicorn (4.3.1)
      kgio (~> 2.6)
      rack
      raindrops (~> 0.7)
    uuid (2.3.2)
      macaddr (~> 1.0)
    webrat (0.7.3)
      nokogiri (>= 1.2.0)
      rack (>= 1.0)
      rack-test (>= 0.5.3)
    whenever (0.8.2)
      activesupport (>= 2.3.4)
      chronic (>= 0.6.3)
    will_paginate (2.3.15)
    xml-simple (1.0.12)
    ya2yaml (0.30)
    yard (0.7.2)
    yui-compressor (0.9.4)

PLATFORMS
  ruby

DEPENDENCIES
  authlogic (= 2.1.3)
  aws-s3-instructure (~> 0.6.2.1319643167)
  bcrypt-ruby (= 3.0.1)
  bluecloth (= 2.0.10)
  builder (= 2.1.2)
  capistrano (~> 2.12.0)
  coffee-script
  coffee-script-source (= 1.1.2)
  compass (= 0.11.5)
  daemons (= 1.1.0)
  diff-lcs (= 1.1.2)
  erubis (= 2.7.0)
  fastercsv (= 1.5.3)
  fog
  guard
  hairtrigger (= 0.1.13)
  haml (= 3.1.2)
  hashery (= 1.3.0)
  highline (= 1.6.1)
  hpricot (= 0.8.2)
  i18n (= 0.6.0)
  icalendar (= 1.1.5)
  jammit (= 0.6.0)
  json (= 1.5.2)
  libxml-ruby (= 1.1.3)
  macaddr (= 1.0.0)
  mailman (= 0.4.0)
  mime-types (= 1.16)
  mini_magick (= 1.3.2)
  mocha (= 0.10.0)
  mysql
  netaddr (= 1.5.0)
  newrelic_rpm
  nokogiri (= 1.5.0)
  oauth (= 0.4.5)
  parallel (= 0.5.16)
  parallel_tests-instructure (= 0.6.19)
  rack (~> 1.1.2)
  rails (= 2.3.18)
  rake (< 0.10)
  ratom-instructure (= 0.6.9)
  rbx-require-relative (= 0.0.5)
  rcov (= 0.9.9)
  rdiscount (= 1.6.8)
  recaptcha (= 0.3.1)
  redis-store (= 1.0.0.rc1)
  require_relative (= 1.0.1)
  ritex (= 1.0.1)
  rscribd (= 1.2.0)
  rspec (= 1.3.2)
  rspec-rails (= 1.3.4)
  ruby-debug (= 0.10.4)
  ruby-net-ldap (= 0.0.4)
  ruby-saml-mod (= 0.1.8)
  ruby_parser (= 2.0.6)
  rubycas-client (= 2.2.1)
  rubyzip (= 0.9.4)
  rufus-scheduler (= 2.0.6)
  sanitize (= 2.0.3)
  selenium-webdriver (= 2.19.0)
  sexp_processor (= 3.0.5)
  soap4r (= 1.5.8)
  soap4r-middleware (= 0.8.2)
  unicorn (~> 4.3.1)
  uuid (= 2.3.2)
  webrat (= 0.7.3)
  whenever
  will_paginate (= 2.3.15)
  xml-simple (= 1.0.12)
  ya2yaml (= 0.30)
  yard (= 0.7.2)
  yui-compressor (= 0.9.4)
